GEM
  remote: https://rubygems.org/
  specs:
    awesome_print (1.9.2)

PLATFORMS
  x64-mingw-ucrt

DEPENDENCIES
  awesome_print

BUNDLED WITH
   2.4.10
